GEM
  remote: https://rubygems.org/
  specs:
    activesupport (4.0.1)
      i18n (~> 0.6, >= 0.6.4)
      minitest (~> 4.2)
      multi_json (~> 1.3)
      thread_safe (~> 0.1)
      tzinfo (~> 0.3.37)
    atomic (1.1.14)
    coderay (1.1.0)
    i18n (0.6.5)
    method_source (0.8.2)
    minitest (4.7.5)
    multi_json (1.8.2)
    pg (0.17.0)
    pry (0.9.12.4)
      coderay (~> 1.0)
      method_source (~> 0.8)
      slop (~> 3.4)
    queue_classic (2.2.3)
      pg (~> 0.17.0)
    rack (1.5.2)
    rack-cache (1.2)
      rack (>= 0.4)
    rack-protection (1.5.1)
      rack
    rack-timeout (0.0.4)
    rack_csrf (2.4.0)
      rack (>= 0.9)
    rake (10.1.0)
    sequel (3.48.0)
    sequel_pg (1.6.8)
      pg (>= 0.8.0)
      sequel (>= 3.39.0)
    sinatra (1.4.4)
      rack (~> 1.4)
      rack-protection (~> 1.4)
      tilt (~> 1.3, >= 1.3.4)
    slop (3.4.7)
    thread_safe (0.1.3)
      atomic
    tilt (1.4.1)
    tzinfo (0.3.38)

PLATFORMS
  ruby

DEPENDENCIES
  activesupport
  pg
  pry
  queue_classic
  rack-cache
  rack-timeout
  rack_csrf
  rake
  sequel (~> 3.48)
  sequel_pg
  sinatra
